PATH
  remote: .
  specs:
    cm_admin (0.1.0)

GEM
  remote: https://rubygems.org/
  specs:
    caxlsx (3.1.0)
      htmlentities (~> 4.3, >= 4.3.4)
      marcel (~> 1.0)
      nokogiri (~> 1.10, >= 1.10.4)
      rubyzip (>= 1.3.0, < 3)
    diff-lcs (1.4.4)
    htmlentities (4.3.4)
    marcel (1.0.1)
    mini_portile2 (2.5.1)
    nokogiri (1.11.3)
      mini_portile2 (~> 2.5.0)
      racc (~> 1.4)
    racc (1.5.2)
    rake (12.3.3)
    rspec (3.10.0)
      rspec-core (~> 3.10.0)
      rspec-expectations (~> 3.10.0)
      rspec-mocks (~> 3.10.0)
    rspec-core (3.10.1)
      rspec-support (~> 3.10.0)
    rspec-expectations (3.10.1)
      diff-lcs (>= 1.2.0, < 2.0)
      rspec-support (~> 3.10.0)
    rspec-mocks (3.10.2)
      diff-lcs (>= 1.2.0, < 2.0)
      rspec-support (~> 3.10.0)
    rspec-support (3.10.2)
    rubyzip (2.3.0)

PLATFORMS
  ruby

DEPENDENCIES
  caxlsx
  cm_admin!
  rake (~> 12.0)
  rspec (~> 3.0)

BUNDLED WITH
   2.1.4
