PATH
  remote: .
  specs:
    cm_admin (0.1.0)
      pagy (~> 3.13)
      slim (~> 4.1.0)

GEM
  remote: https://rubygems.org/
  specs:
    diff-lcs (1.4.4)
    pagy (3.13.0)
    rake (12.3.3)
    rspec (3.10.0)
      rspec-core (~> 3.10.0)
      rspec-expectations (~> 3.10.0)
      rspec-mocks (~> 3.10.0)
    rspec-core (3.10.1)
      rspec-support (~> 3.10.0)
    rspec-expectations (3.10.1)
      diff-lcs (>= 1.2.0, < 2.0)
      rspec-support (~> 3.10.0)
    rspec-mocks (3.10.2)
      diff-lcs (>= 1.2.0, < 2.0)
      rspec-support (~> 3.10.0)
    rspec-support (3.10.2)
    slim (4.1.0)
      temple (>= 0.7.6, < 0.9)
      tilt (>= 2.0.6, < 2.1)
    temple (0.8.2)
    tilt (2.0.10)

PLATFORMS
  ruby

DEPENDENCIES
  cm_admin!
  pagy
  rake (~> 12.0)
  rspec (~> 3.0)
  slim

BUNDLED WITH
   2.1.4
